PATH
  remote: .
  specs:
    juju (0.0.6)
      htmlentities
      rest-client

GEM
  remote: https://rubygems.org/
  specs:
    htmlentities (4.3.1)
    mime-types (1.24)
    rake (10.1.0)
    rest-client (1.6.7)
      mime-types (>= 1.16)

PLATFORMS
  ruby

DEPENDENCIES
  bundler (~> 1.3)
  juju!
  rake
